PATH
  remote: .
  specs:
    giga (0.0.0)
      ruby-termios (~> 1.1.0)

GEM
  remote: https://rubygems.org/
  specs:
    debug (1.6.2)
      irb (>= 1.3.6)
      reline (>= 0.3.1)
    io-console (0.5.11)
    irb (1.4.1)
      reline (>= 0.3.0)
    minitest (5.16.3)
    mocha (1.11.2)
    rake (12.3.3)
    reline (0.3.1)
      io-console (~> 0.5)
    ruby-termios (1.1.0)

PLATFORMS
  arm64-darwin-21
  arm64-darwin-22

DEPENDENCIES
  debug
  giga!
  minitest (~> 5.0)
  mocha (~> 1.11.2)
  rake (~> 12.0)

BUNDLED WITH
   2.3.18
