PATH
  remote: .
  specs:
    giga (0.0.0)
      ruby-termios (~> 1.1.0)

GEM
  remote: https://rubygems.org/
  specs:
    minitest (5.16.3)
    mocha (1.11.2)
    rake (12.3.3)
    ruby-termios (1.1.0)

PLATFORMS
  arm64-darwin-21

DEPENDENCIES
  giga!
  minitest (~> 5.0)
  mocha (~> 1.11.2)
  rake (~> 12.0)

BUNDLED WITH
   2.3.18
